GEM
  remote: http://rubygems.org/
  specs:
    activesupport (2.3.10)
    git (1.2.5)
    jeweler (1.5.1)
      bundler (~> 1.0.0)
      git (>= 1.2.5)
      rake
    rake (0.8.7)
    rcov (0.9.9-java)
    rubigen (1.5.5)
      activesupport (~> 2.3.5)
    shoulda (2.11.3)

PLATFORMS
  java

DEPENDENCIES
  bundler (~> 1.0.0)
  jeweler (~> 1.5.1)
  rcov
  rubigen (>= 1.5.5)
  shoulda
